GEM
  remote: https://rubygems.org/
  specs:
    mini_portile2 (2.4.0)
    nokogiri (1.10.3)
      mini_portile2 (~> 2.4.0)
    pg (1.1.4)
    roo (2.8.2)
      nokogiri (~> 1)
      rubyzip (>= 1.2.1, < 2.0.0)
    roo-xls (1.2.0)
      nokogiri
      roo (>= 2.0.0, < 3)
      spreadsheet (> 0.9.0)
    ruby-ole (1.2.12.2)
    rubyzip (1.2.3)
    spreadsheet (1.2.4)
      ruby-ole (>= 1.0)

PLATFORMS
  ruby

DEPENDENCIES
  pg (~> 1.1.4)
  roo-xls (~> 1.2.0)

RUBY VERSION
   ruby 2.5.1p57

BUNDLED WITH
   2.0.1
